PATH
  remote: .
  specs:
    dropcaster (0.0.5)
      activesupport (~> 3.2)
      ruby-mp3info (~> 0.8)

GEM
  remote: https://rubygems.org/
  specs:
    activesupport (3.2.17)
      i18n (~> 0.6, >= 0.6.4)
      multi_json (~> 1.0)
    binding_of_caller (0.7.2)
      debug_inspector (>= 0.0.1)
    celluloid (0.15.2)
      timers (~> 1.1.0)
    celluloid-io (0.15.0)
      celluloid (>= 0.15.0)
      nio4r (>= 0.5.0)
    coderay (1.1.0)
    debug_inspector (0.0.2)
    ffi (1.9.3)
    formatador (0.2.4)
    guard (2.4.0)
      formatador (>= 0.2.4)
      listen (~> 2.1)
      lumberjack (~> 1.0)
      pry (>= 0.9.12)
      thor (>= 0.18.1)
    guard-bundler (2.0.0)
      bundler (~> 1.0)
      guard (~> 2.2)
    guard-minitest (2.2.0)
      guard (~> 2.0)
      minitest (>= 3.0)
    i18n (0.6.9)
    libnotify (0.8.2)
      ffi (>= 1.0.11)
    libxml-ruby (2.7.0)
    libxml-ruby (2.7.0-x86-mingw32)
    listen (2.5.0)
      celluloid (>= 0.15.2)
      celluloid-io (>= 0.15.0)
      rb-fsevent (>= 0.9.3)
      rb-inotify (>= 0.9)
    lumberjack (1.0.4)
    method_source (0.8.2)
    minitest (5.2.3)
    multi_json (1.8.4)
    nio4r (1.0.0)
    pry (0.9.12.4)
      coderay (~> 1.0)
      method_source (~> 0.8)
      slop (~> 3.4)
    pry (0.9.12.4-x86-mingw32)
      coderay (~> 1.0)
      method_source (~> 0.8)
      slop (~> 3.4)
      win32console (~> 1.3)
    pry-nav (0.2.3)
      pry (~> 0.9.10)
    pry-stack_explorer (0.4.9.1)
      binding_of_caller (>= 0.7)
      pry (>= 0.9.11)
    rake (10.1.1)
    rb-fsevent (0.9.4)
    rb-inotify (0.9.3)
      ffi (>= 0.5.0)
    rb-readline (0.5.1)
    ruby-mp3info (0.8.2)
    slop (3.4.7)
    thor (0.18.1)
    timers (1.1.0)
    win32console (1.3.2-x86-mingw32)

PLATFORMS
  ruby
  x86-mingw32

DEPENDENCIES
  bundler (~> 1.5)
  dropcaster!
  guard-bundler (~> 2.0)
  guard-minitest (~> 2.2)
  libnotify (~> 0.8)
  libxml-ruby (~> 2.7)
  pry (~> 0.9)
  pry-nav (~> 0.2)
  pry-stack_explorer (~> 0.4)
  rake (~> 10.1)
  rb-fsevent (~> 0.9)
  rb-inotify (~> 0.9)
  rb-readline (~> 0.5)
