GEM
  remote: https://rubygems.org/
  specs:
    activesupport (3.0.20)
    coderay (1.1.0)
    git (1.2.6)
    jeweler (1.6.4)
      bundler (~> 1.0)
      git (>= 1.2.5)
      rake
    json (1.8.1)
    libxml-ruby (2.7.0)
    libxml-ruby (2.7.0-x86-mingw32)
    method_source (0.8.2)
    pry (0.9.12.4)
      coderay (~> 1.0)
      method_source (~> 0.8)
      slop (~> 3.4)
    pry (0.9.12.4-x86-mingw32)
      coderay (~> 1.0)
      method_source (~> 0.8)
      slop (~> 3.4)
      win32console (~> 1.3)
    rake (10.1.1)
    rdoc (4.1.0)
      json (~> 1.4)
    ruby-mp3info (0.8.2)
    slop (3.4.7)
    win32console (1.3.2-x86-mingw32)

PLATFORMS
  ruby
  x86-mingw32

DEPENDENCIES
  activesupport (~> 3.0.10)
  bundler (~> 1.5.1)
  jeweler (~> 1.6.4)
  json
  libxml-ruby (~> 2.7.0)
  pry
  rake
  rdoc
  ruby-mp3info
