GEM
  remote: http://rubygems.org/
  specs:
    activesupport (3.0.10)
    git (1.2.5)
    jeweler (1.6.4)
      bundler (~> 1.0)
      git (>= 1.2.5)
      rake
    libxml-ruby (2.2.1)
    rake (0.9.2)
    rdoc (3.9.3)
    ruby-mp3info (0.6.15)

PLATFORMS
  ruby

DEPENDENCIES
  activesupport
  bundler (~> 1.0.0)
  jeweler (~> 1.6.4)
  libxml-ruby
  rdoc
  ruby-mp3info
